GEM
  remote: https://rubygems.org/
  specs:
    filewatcher (0.5.4)
      trollop (~> 2.0)
    sass (3.4.23)
    trollop (2.1.2)

PLATFORMS
  x64-mingw32

DEPENDENCIES
  filewatcher
  sass

BUNDLED WITH
   1.14.6
