GEM
  remote: https://rubygems.org/
  specs:
    ffi (1.11.1-x64-mingw32)
    filewatcher (0.5.4)
      trollop (~> 2.0)
    rake (12.3.2)
    sassc (2.0.1)
      ffi (~> 1.9)
      rake
    trollop (2.1.2)

PLATFORMS
  x64-mingw32

DEPENDENCIES
  filewatcher
  sassc

BUNDLED WITH
   1.17.3
